GEM
  remote: https://rubygems.org/
  specs:
    aws-sdk (2.3.2)
      aws-sdk-resources (= 2.3.2)
    aws-sdk-core (2.3.2)
      jmespath (~> 1.0)
    aws-sdk-resources (2.3.2)
      aws-sdk-core (= 2.3.2)
    jmespath (1.2.4)
      json_pure (>= 1.8.1)
    json_pure (1.8.3)
    minitest (5.8.4)
    power_assert (0.3.0)
    rake (11.1.2)
    test-unit (3.1.8)
      power_assert

PLATFORMS
  ruby

DEPENDENCIES
  aws-sdk
  minitest
  rake
  test-unit

BUNDLED WITH
   1.12.3
